GEM
  remote: https://rubygems.org/
  specs:
    activesupport (4.2.5.1)
      i18n (~> 0.7)
      json (~> 1.7, >= 1.7.7)
      minitest (~> 5.1)
      thread_safe (~> 0.3, >= 0.3.4)
      tzinfo (~> 1.1)
    builder (3.2.2)
    europeana-api (0.4.3)
      activesupport (>= 3.0)
      multi_json (~> 1.0)
    geocoder (1.3.1)
    gyoku (1.3.1)
      builder (>= 2.1.2)
    i18n (0.7.0)
    json (1.8.3-java)
    minitest (5.8.4)
    multi_json (1.11.2)
    nokogiri (1.6.7.2-java)
    nori (2.6.0)
    thread_safe (0.3.5-java)
    tzinfo (1.2.2)
      thread_safe (~> 0.1)

PLATFORMS
  java

DEPENDENCIES
  activesupport
  europeana-api
  geocoder
  gyoku
  multi_json
  nokogiri
  nori

BUNDLED WITH
   1.11.2
